PATH
  remote: .
  specs:
    blackbaud-client (0.0.5)
      rest-client (~> 1.6)
      ruby-hmac (~> 0.4)

GEM
  remote: https://rubygems.org/
  specs:
    mime-types (2.2)
    rest-client (1.6.7)
      mime-types (>= 1.16)
    ruby-hmac (0.4.0)

PLATFORMS
  ruby

DEPENDENCIES
  blackbaud-client!
